GEM
  remote: https://rubygems.org/
  specs:
    bson (1.12.5)
    mongo (1.12.5)
      bson (= 1.12.5)
    mongodb (2.1.0)
      mongo (~> 1.5)
    redis (4.2.1)

PLATFORMS
  ruby

DEPENDENCIES
  mongodb
  redis

BUNDLED WITH
   2.1.4
