GEM
  remote: https://rubygems.org/
  specs:
    redis (4.2.1)

PLATFORMS
  ruby

DEPENDENCIES
  redis

BUNDLED WITH
   1.17.3
